NUGET
  remote: https://vrvis.myget.org/F/aardvark_public
  specs:
    Aardvark.Application (2.0.0)
      Aardvark.Base.Incremental (>= 2.0 < 2.1)
      Aardvark.Base.Rendering (>= 2.0)
    Aardvark.Application.WinForms (2.0.0)
      Aardvark.Application (>= 2.0)
      Aardvark.Base.Incremental (>= 2.0 < 2.1)
      Aardvark.Base.Rendering (>= 2.0)
    Aardvark.Application.WinForms.GL (2.0.0)
      Aardvark.Application (>= 2.0)
      Aardvark.Application.WinForms (>= 2.0)
      Aardvark.Base.Incremental (>= 2.0 < 2.1)
      Aardvark.Base.Rendering (>= 2.0)
      Aardvark.Rendering.GL (>= 2.0)
    Aardvark.Application.WPF (2.0.0)
      Aardvark.Application (>= 2.0)
      Aardvark.Application.WinForms (>= 2.0)
      Aardvark.Base.Incremental (>= 2.0 < 2.1)
      Aardvark.Base.Rendering (>= 2.0)
    Aardvark.Application.WPF.GL (2.0.0)
      Aardvark.Application (>= 2.0)
      Aardvark.Application.WinForms (>= 2.0)
      Aardvark.Application.WinForms.GL (>= 2.0)
      Aardvark.Application.WPF (>= 2.0)
      Aardvark.Base.Incremental (>= 2.0 < 2.1)
      Aardvark.Base.Rendering (>= 2.0)
      Aardvark.Rendering.GL (>= 2.0)
    Aardvark.Base (2.0.2)
      DevILSharp (>= 0.0.11 < 0.1)
    Aardvark.Base.Essentials (2.0.2)
      Aardvark.Base (>= 2.0.2)
      Rx-Linq (>= 2.2.5 < 2.3)
      System.Collections.Immutable (>= 1.1.36 < 1.2)
    Aardvark.Base.FSharp (2.0.2)
      Aardvark.Base (>= 2.0.2)
      DevILSharp (>= 0.0.11 < 0.1)
      FSharp.Compiler.Service (>= 2.0.0.6 < 2.0.1)
    Aardvark.Base.Incremental (2.0.2)
      Aardvark.Base (>= 2.0.2)
      Aardvark.Base.Essentials (>= 2.0.2)
      Aardvark.Base.FSharp (>= 2.0.2)
      FsPickler.Json (>= 1.8 < 1.9)
      Rx-Core (>= 2.2.5 < 2.3)
      Rx-Linq (>= 2.2.5 < 2.3)
    Aardvark.Base.Rendering (2.0.0)
      Aardvark.Base.Incremental (>= 2.0 < 2.1)
    Aardvark.Base.Runtime (2.0.2)
      Aardvark.Base (2.0.2)
      Aardvark.Base.Essentials (2.0.2)
      Aardvark.Base.FSharp (2.0.2)
      Aardvark.Base.Incremental (2.0.2)
    Aardvark.Rendering.GL (2.0.0)
      Aardvark.Base.Incremental (>= 2.0 < 2.1)
      Aardvark.Base.Rendering (>= 2.0)
      Aardvark.Base.Runtime (>= 2.0 < 2.1)
      FShade (>= 2.0 < 2.1)
      FSharp.Quotations.Evaluator (>= 1.0.6 < 1.1)
    Aardvark.Rendering.NanoVg (2.0.0)
      Aardvark.Base.Incremental (>= 2.0 < 2.1)
      Aardvark.Base.Rendering (>= 2.0)
      Aardvark.Rendering.GL (>= 2.0)
      FShade (>= 2.0 < 2.1)
      FSharp.Quotations.Evaluator (>= 1.0.6 < 1.1)
      NanoVgSharp (>= 2.0 < 2.1)
    Aardvark.SceneGraph (2.0.0)
      Aardvark.Base.Incremental (>= 2.0 < 2.1)
      Aardvark.Base.Rendering (>= 2.0)
      FShade (>= 2.0 < 2.1)
    FShade (2.0.0)
      Aardvark.Base (>= 2.0 < 2.1)
      Aardvark.Base.FSharp (>= 2.0 < 2.1)
      FSharp.Compiler.Service (>= 2.0.0.6 < 2.0.1)
    NanoVgSharp (2.0.0)
      Aardvark.Base (>= 2.0 < 2.1)
      Aardvark.Base.FSharp (>= 2.0 < 2.1)
      Aardvark.Base.Incremental (>= 2.0 < 2.1)
  remote: http://api.nuget.org/v3/index.json
  specs:
    DevILSharp (0.0.13)
    FSharp.Compiler.Service (2.0.0.7)
    FSharp.Quotations.Evaluator (1.0.7)
    FsPickler (1.8.1)
    FsPickler.Json (1.8.1)
      FsPickler (1.8.1)
      Newtonsoft.Json (>= 6.0.5)
    Newtonsoft.Json (8.0.3)
    Rx-Core (2.2.5)
      Rx-Interfaces (>= 2.2.5)
    Rx-Interfaces (2.2.5)
    Rx-Linq (2.2.5)
      Rx-Core (>= 2.2.5)
      Rx-Interfaces (>= 2.2.5)
    System.Collections (4.0.10) - framework: dnxcore50
      System.Diagnostics.Debug (>= 4.0) - framework: dnxcore50
      System.Resources.ResourceManager (>= 4.0) - framework: dnxcore50
      System.Runtime (>= 4.0) - framework: dnxcore50
      System.Runtime (>= 4.0.20) - framework: dnxcore50
      System.Runtime.Extensions (>= 4.0) - framework: dnxcore50
      System.Threading (>= 4.0) - framework: dnxcore50
    System.Collections.Immutable (1.1.37)
      System.Collections (>= 4.0) - framework: dnxcore50
      System.Diagnostics.Debug (>= 4.0) - framework: dnxcore50
      System.Globalization (>= 4.0) - framework: dnxcore50
      System.Linq (>= 4.0) - framework: dnxcore50
      System.Resources.ResourceManager (>= 4.0) - framework: dnxcore50
      System.Runtime (>= 4.0) - framework: dnxcore50
      System.Runtime.Extensions (>= 4.0) - framework: dnxcore50
      System.Threading (>= 4.0) - framework: dnxcore50
    System.Diagnostics.Debug (4.0.10) - framework: dnxcore50
      System.Runtime (>= 4.0) - framework: dnxcore50
    System.Globalization (4.0.10) - framework: dnxcore50
      System.Runtime (>= 4.0) - framework: dnxcore50
    System.IO (4.0.10) - framework: dnxcore50
      System.Globalization (>= 4.0) - framework: dnxcore50
      System.Runtime (>= 4.0.20) - framework: dnxcore50
      System.Text.Encoding (>= 4.0) - framework: dnxcore50
      System.Text.Encoding (>= 4.0.10) - framework: dnxcore50
      System.Text.Encoding.Extensions (>= 4.0) - framework: dnxcore50
      System.Threading (>= 4.0) - framework: dnxcore50
      System.Threading.Tasks (>= 4.0) - framework: dnxcore50
    System.Linq (4.0) - framework: dnxcore50
      System.Collections (>= 4.0.10) - framework: dnxcore50
      System.Diagnostics.Debug (>= 4.0.10) - framework: dnxcore50
      System.Resources.ResourceManager (>= 4.0) - framework: dnxcore50
      System.Runtime (>= 4.0.20) - framework: dnxcore50
      System.Runtime.Extensions (>= 4.0.10) - framework: dnxcore50
    System.Private.Uri (4.0) - framework: dnxcore50
    System.Reflection (4.0.10) - framework: dnxcore50
      System.IO (>= 4.0) - framework: dnxcore50
      System.Reflection.Primitives (>= 4.0) - framework: dnxcore50
      System.Runtime (>= 4.0.20) - framework: dnxcore50
    System.Reflection.Primitives (4.0) - framework: dnxcore50
      System.Runtime (>= 4.0) - framework: dnxcore50
      System.Threading (>= 4.0) - framework: dnxcore50
    System.Resources.ResourceManager (4.0) - framework: dnxcore50
      System.Globalization (>= 4.0) - framework: dnxcore50
      System.Reflection (>= 4.0) - framework: dnxcore50
      System.Reflection (>= 4.0.10) - framework: dnxcore50
      System.Runtime (>= 4.0) - framework: dnxcore50
      System.Runtime (>= 4.0.20) - framework: dnxcore50
    System.Runtime (4.0.20) - framework: dnxcore50
      System.Private.Uri (>= 4.0) - framework: dnxcore50
    System.Runtime.Extensions (4.0.10) - framework: dnxcore50
      System.Runtime (>= 4.0.20) - framework: dnxcore50
    System.Text.Encoding (4.0.10) - framework: dnxcore50
      System.Runtime (>= 4.0) - framework: dnxcore50
    System.Text.Encoding.Extensions (4.0.10) - framework: dnxcore50
      System.Runtime (>= 4.0) - framework: dnxcore50
      System.Text.Encoding (>= 4.0.10) - framework: dnxcore50
    System.Threading (4.0.10) - framework: dnxcore50
      System.Runtime (>= 4.0) - framework: dnxcore50
      System.Threading.Tasks (>= 4.0) - framework: dnxcore50
    System.Threading.Tasks (4.0.10) - framework: dnxcore50
      System.Runtime (>= 4.0) - framework: dnxcore50

GROUP Build
CONTENT: NONE
NUGET
  remote: http://api.nuget.org/v3/index.json
    Chessie (0.5.1) - content: none
      FSharp.Core
    FAKE (4.28) - content: none
    FSharp.Core (4.0.0.1) - content: none
    Mono.Cecil (0.9.5.4) - content: none
    Newtonsoft.Json (8.0.3) - content: none
    Paket.Core (3.1.3) - content: none
      Chessie
      FSharp.Core
      Mono.Cecil
      Newtonsoft.Json
    SourceLink.Fake (1.1) - content: none
GITHUB
  remote: vrvis/Aardvark.Fake
    FULLPROJECT (02b5eed0eb2794184e049cc6c9ee548da8879cac)
      FAKE
      Mono.Cecil
      Paket.Core
      SourceLink.Fake