RESTRICTION: == net45
NUGET
  remote: https://vrvis.myget.org/F/aardvark_public
    Aardvark.Application (3.2.4)
      Aardvark.Base.Incremental (>= 3.0.20 < 3.1)
      Aardvark.Base.Rendering (>= 3.2.4)
      FShade.Core (>= 3.2.1 < 3.3)
    Aardvark.Application.WinForms (3.2.4)
      Aardvark.Application (>= 3.2.4)
      Aardvark.Base.Incremental (>= 3.0.20 < 3.1)
      Aardvark.Base.Rendering (>= 3.2.4)
      FShade.Core (>= 3.2.1 < 3.3)
    Aardvark.Application.WinForms.GL (3.2.4)
      Aardvark.Application (>= 3.2.4)
      Aardvark.Application.WinForms (>= 3.2.4)
      Aardvark.Base.Incremental (>= 3.0.20 < 3.1)
      Aardvark.Base.Rendering (>= 3.2.4)
      Aardvark.Base.Runtime (>= 3.0.20 < 3.1)
      Aardvark.Rendering.GL (>= 3.2.4)
      FShade.Core (>= 3.2.1 < 3.3)
    Aardvark.Base (3.0.26)
      DevILSharp (>= 0.0.11 < 0.1)
    Aardvark.Base.Essentials (3.0.26)
      Aardvark.Base (>= 3.0.26)
      System.Collections.Immutable (>= 1.2)
      System.Reactive.Linq (>= 3.0 < 3.1)
    Aardvark.Base.FSharp (3.0.26)
      Aardvark.Base (>= 3.0.26)
      DevILSharp (>= 0.0.11 < 0.1)
    Aardvark.Base.Incremental (3.0.26)
      Aardvark.Base (>= 3.0.26)
      Aardvark.Base.Essentials (>= 3.0.26)
      Aardvark.Base.FSharp (>= 3.0.26)
      System.Reactive.Core (>= 3.0 < 3.1)
      System.Reactive.Interfaces (>= 3.0 < 3.1)
      System.Reactive.Linq (>= 3.0 < 3.1)
    Aardvark.Base.Rendering (3.2.4)
      Aardvark.Base.Incremental (>= 3.0.20 < 3.1)
      FShade.Core (>= 3.2.1 < 3.3)
    Aardvark.Base.Runtime (3.0.26)
      Aardvark.Base (>= 3.0.26)
      Aardvark.Base.Essentials (>= 3.0.26)
      Aardvark.Base.FSharp (>= 3.0.26)
      Aardvark.Base.Incremental (>= 3.0.26)
      System.Reactive.Core (>= 3.0 < 3.1)
      System.Reactive.Interfaces (>= 3.0 < 3.1)
      System.Reactive.Linq (>= 3.0 < 3.1)
    Aardvark.Rendering.GL (3.2.4)
      Aardvark.Base.Incremental (>= 3.0.20 < 3.1)
      Aardvark.Base.Rendering (>= 3.2.4)
      Aardvark.Base.Runtime (>= 3.0.20 < 3.1)
      FShade (>= 3.2.1 < 3.3)
      FSharp.Quotations.Evaluator (>= 1.0.6 < 1.1)
    Aardvark.SceneGraph (3.2.4)
      Aardvark.Base.Incremental (>= 3.0.20 < 3.1)
      Aardvark.Base.Rendering (>= 3.2.4)
      FShade.Core (>= 3.2.1 < 3.3)
    FShade (3.2.2)
      FShade.Core (3.2.2)
      FShade.GLSL (3.2.2)
      FShade.Imperative (3.2.2)
      FShade.SpirV (3.2.2)
    FShade.Core (3.2.2)
      Aardvark.Base (>= 3.0.16 < 3.1)
      Aardvark.Base.FSharp (>= 3.0.16 < 3.1)
      FShade.Imperative (>= 3.2.2)
    FShade.GLSL (3.2.2)
      Aardvark.Base (>= 3.0.16 < 3.1)
      Aardvark.Base.FSharp (>= 3.0.16 < 3.1)
      FShade.Core (>= 3.2.2)
      FShade.Imperative (>= 3.2.2)
    FShade.Imperative (3.2.2)
      Aardvark.Base (>= 3.0.16 < 3.1)
      Aardvark.Base.FSharp (>= 3.0.16 < 3.1)
    FShade.SpirV (3.2.2)
      Aardvark.Base (>= 3.0.16 < 3.1)
      Aardvark.Base.FSharp (>= 3.0.16 < 3.1)
      FShade.Core (>= 3.2.2)
      FShade.Imperative (>= 3.2.2)
  remote: https://api.nuget.org/v3/index.json
    DevILSharp (0.0.13)
    FSharp.Quotations.Evaluator (1.0.7)
    System.Collections.Immutable (1.3.1)
    System.Reactive.Core (3.0)
      System.Reactive.Interfaces (>= 3.0)
    System.Reactive.Interfaces (3.0)
    System.Reactive.Linq (3.0)
      System.Reactive.Core (>= 3.0)
      System.Reactive.Interfaces (>= 3.0)

GROUP Build
CONTENT: NONE
RESTRICTION: == net45
NUGET
  remote: https://api.nuget.org/v3/index.json
    Chessie (0.6) - content: none
      FSharp.Core
    FAKE (4.62.1) - content: none
    FSharp.Core (4.2.1) - content: none
    Mono.Cecil (0.10.0-beta6) - content: none
    Newtonsoft.Json (10.0.3) - content: none
    Paket.Core (5.5.3) - content: none
      Chessie (>= 0.6)
      FSharp.Compiler.Tools
      FSharp.Core
      Mono.Cecil (>= 0.10.0-beta6)
      Newtonsoft.Json
    SourceLink.Fake (1.1) - content: none
  remote: https://vrvis.myget.org/F/aardvark_public
    FSharp.Compiler.Tools (4.1.23) - content: none
GITHUB
  remote: vrvis/Aardvark.Fake
    FULLPROJECT (8c98f8570ca158ddfbe32d1132a5e020a5fdd447)
      Chessie (>= 0.6)
      FAKE (>= 4.62.1 < 4.63)
      Mono.Cecil
      Paket.Core (>= 5.5.3 < 5.6)
      SourceLink.Fake (>= 1.1 < 1.2)