NUGET
  remote: https://vrvis.myget.org/F/aardvark_public
  specs:
    Aardvark.Application (2.5.3)
      Aardvark.Base.Incremental (>= 2.3 < 2.4)
      Aardvark.Base.Rendering (>= 2.5.3)
      FShade.Core (>= 2.3.2 < 2.4)
    Aardvark.Application.WinForms (2.5.3)
      Aardvark.Application (>= 2.5.3)
      Aardvark.Base.Incremental (>= 2.3 < 2.4)
      Aardvark.Base.Rendering (>= 2.5.3)
      FShade.Core (>= 2.3.2 < 2.4)
    Aardvark.Application.WinForms.GL (2.5.3)
      Aardvark.Application (>= 2.5.3)
      Aardvark.Application.WinForms (>= 2.5.3)
      Aardvark.Base.Incremental (>= 2.3 < 2.4)
      Aardvark.Base.Rendering (>= 2.5.3)
      Aardvark.Base.Runtime (>= 2.3 < 2.4)
      Aardvark.Rendering.GL (>= 2.5.3)
      FShade.Core (>= 2.3.2 < 2.4)
    Aardvark.Application.WPF (2.5.3)
      Aardvark.Application (>= 2.5.3)
      Aardvark.Application.WinForms (>= 2.5.3)
      Aardvark.Base.Incremental (>= 2.3 < 2.4)
      Aardvark.Base.Rendering (>= 2.5.3)
      FShade.Core (>= 2.3.2 < 2.4)
    Aardvark.Application.WPF.GL (2.5.3)
      Aardvark.Application (>= 2.5.3)
      Aardvark.Application.WinForms (>= 2.5.3)
      Aardvark.Application.WinForms.GL (>= 2.5.3)
      Aardvark.Application.WPF (>= 2.5.3)
      Aardvark.Base.Incremental (>= 2.3 < 2.4)
      Aardvark.Base.Rendering (>= 2.5.3)
      Aardvark.Base.Runtime (>= 2.3 < 2.4)
      Aardvark.Rendering.GL (>= 2.5.3)
      FShade.Core (>= 2.3.2 < 2.4)
    Aardvark.Base (2.3.1)
      DevILSharp (>= 0.0.11 < 0.1)
    Aardvark.Base.Essentials (2.3.1)
      Aardvark.Base (>= 2.3.1)
      System.Collections.Immutable (>= 1.2 < 1.3)
      System.Reactive.Linq (>= 3.0 < 3.1)
    Aardvark.Base.FSharp (2.3.1)
      Aardvark.Base (>= 2.3.1)
      DevILSharp (>= 0.0.11 < 0.1)
    Aardvark.Base.Incremental (2.3.1)
      Aardvark.Base (>= 2.3.1)
      Aardvark.Base.Essentials (>= 2.3.1)
      Aardvark.Base.FSharp (>= 2.3.1)
      System.Reactive.Core (>= 3.0 < 3.1)
      System.Reactive.Interfaces (>= 3.0 < 3.1)
      System.Reactive.Linq (>= 3.0 < 3.1)
    Aardvark.Base.Rendering (2.5.3)
      Aardvark.Base.Incremental (>= 2.3 < 2.4)
      FShade.Core (>= 2.3.2 < 2.4)
    Aardvark.Base.Runtime (2.3.1)
      Aardvark.Base (>= 2.3.1)
      Aardvark.Base.Essentials (>= 2.3.1)
      Aardvark.Base.FSharp (>= 2.3.1)
      Aardvark.Base.Incremental (>= 2.3.1)
      System.Reactive.Core (>= 3.0 < 3.1)
      System.Reactive.Interfaces (>= 3.0 < 3.1)
      System.Reactive.Linq (>= 3.0 < 3.1)
    Aardvark.Rendering.GL (2.5.3)
      Aardvark.Base.Incremental (>= 2.3 < 2.4)
      Aardvark.Base.Rendering (>= 2.5.3)
      Aardvark.Base.Runtime (>= 2.3 < 2.4)
      FShade.Core (>= 2.3.2 < 2.4)
      FSharp.Quotations.Evaluator (>= 1.0.6 < 1.1)
    Aardvark.Rendering.NanoVg (2.5.3)
      Aardvark.Base.Incremental (>= 2.3 < 2.4)
      Aardvark.Base.Rendering (>= 2.5.3)
      Aardvark.Base.Runtime (>= 2.3 < 2.4)
      Aardvark.Rendering.GL (>= 2.5.3)
      FShade.Core (>= 2.3.2 < 2.4)
      FSharp.Quotations.Evaluator (>= 1.0.6 < 1.1)
      NanoVgSharp (>= 2.1 < 2.2)
    Aardvark.SceneGraph (2.5.3)
      Aardvark.Base.Incremental (>= 2.3 < 2.4)
      Aardvark.Base.Rendering (>= 2.5.3)
      FShade.Core (>= 2.3.2 < 2.4)
    FShade.Core (2.3.3)
      Aardvark.Base (>= 2.3 < 2.4)
      Aardvark.Base.FSharp (>= 2.3 < 2.4)
    NanoVgSharp (2.1.0)
      Aardvark.Base (>= 2.1)
      Aardvark.Base.FSharp (>= 2.1)
      Aardvark.Base.Incremental (>= 2.1)
  remote: http://api.nuget.org/v3/index.json
  specs:
    DevILSharp (0.0.13)
    FSharp.Quotations.Evaluator (1.0.7)
    Microsoft.NETCore.Platforms (1.0.1) - framework: net10, net11, net20, net30, net35, net40, net40-full
    Microsoft.NETCore.Targets (1.0.1) - framework: net10, net11, net20, net30, net35, net40, net40-full
    System.Collections (4.0.11) - framework: net10, net11, net20, net30, net35, net40, net40-full
    System.Collections.Concurrent (4.0.12) - framework: net10, net11, net20, net30, net35, net40, net40-full
      System.Reflection (>= 4.1) - framework: net10, net11, net20, net30, net35, net40, net40-full
    System.Collections.Immutable (1.2)
      System.Collections (>= 4.0.11) - framework: net10, net11, net20, net30, net35, net40, net40-full
      System.Diagnostics.Debug (>= 4.0.11) - framework: net10, net11, net20, net30, net35, net40, net40-full
      System.Globalization (>= 4.0.11) - framework: net10, net11, net20, net30, net35, net40, net40-full
      System.Linq (>= 4.1) - framework: net10, net11, net20, net30, net35, net40, net40-full
      System.Resources.ResourceManager (>= 4.0.1) - framework: net10, net11, net20, net30, net35, net40, net40-full
      System.Runtime (>= 4.1) - framework: net10, net11, net20, net30, net35, net40, net40-full
      System.Runtime.Extensions (>= 4.1) - framework: net10, net11, net20, net30, net35, net40, net40-full
      System.Threading (>= 4.0.11) - framework: net10, net11, net20, net30, net35, net40, net40-full
    System.ComponentModel (4.0.1) - framework: net10, net11, net20, net30, net35, net40, net40-full
    System.Diagnostics.Debug (4.0.11) - framework: net10, net11, net20, net30, net35, net40, net40-full
    System.Diagnostics.Tools (4.0.1) - framework: net10, net11, net20, net30, net35, net40, net40-full
    System.Dynamic.Runtime (4.0.11) - framework: net10, net11, net20, net30, net35, net40, net40-full
      System.Reflection.Emit (>= 4.0.1) - framework: net10, net11, net20, net30, net35, net40, net40-full
      System.Reflection.Emit.ILGeneration (>= 4.0.1) - framework: net10, net11, net20, net30, net35, net40, net40-full
      System.Reflection.Primitives (>= 4.0.1) - framework: net10, net11, net20, net30, net35, net40, net40-full
    System.Globalization (4.0.11) - framework: net10, net11, net20, net30, net35, net40, net40-full
    System.IO (4.1) - framework: net10, net11, net20, net30, net35, net40, net40-full
    System.Linq (4.1) - framework: net10, net11, net20, net30, net35, net40, net40-full
    System.Linq.Expressions (4.1) - framework: net10, net11, net20, net30, net35, net40, net40-full
      System.ObjectModel (>= 4.0.12) - framework: net10, net11, net20, net30, net35, net40, net40-full
      System.Reflection.Emit (>= 4.0.1) - framework: net10, net11, net20, net30, net35, net40, net40-full
    System.ObjectModel (4.0.12) - framework: net10, net11, net20, net30, net35, net40, net40-full
    System.Reactive.Core (3.0)
      System.Collections (>= 4.0.11) - framework: net10, net11, net20, net30, net35, net40, net40-full
      System.Collections.Concurrent (>= 4.0.12) - framework: net10, net11, net20, net30, net35, net40, net40-full
      System.ComponentModel (>= 4.0.1) - framework: net10, net11, net20, net30, net35, net40, net40-full
      System.Diagnostics.Debug (>= 4.0.11) - framework: net10, net11, net20, net30, net35, net40, net40-full
      System.Diagnostics.Tools (>= 4.0.1) - framework: net10, net11, net20, net30, net35, net40, net40-full
      System.Dynamic.Runtime (>= 4.0.11) - framework: net10, net11, net20, net30, net35, net40, net40-full
      System.Globalization (>= 4.0.11) - framework: net10, net11, net20, net30, net35, net40, net40-full
      System.Linq (>= 4.1) - framework: net10, net11, net20, net30, net35, net40, net40-full
      System.Reactive.Interfaces (>= 3.0)
      System.Reflection (>= 4.1) - framework: net10, net11, net20, net30, net35, net40, net40-full
      System.Resources.ResourceManager (>= 4.0.1) - framework: net10, net11, net20, net30, net35, net40, net40-full
      System.Runtime (>= 4.1) - framework: net10, net11, net20, net30, net35, net40, net40-full
      System.Runtime.Extensions (>= 4.1) - framework: net10, net11, net20, net30, net35, net40, net40-full
      System.Threading (>= 4.0.11) - framework: net10, net11, net20, net30, net35, net40, net40-full
      System.Threading.Tasks (>= 4.0.11) - framework: net10, net11, net20, net30, net35, net40, net40-full
      System.Threading.Thread (>= 4.0) - framework: net10, net11, net20, net30, net35, net40, net40-full
      System.Threading.ThreadPool (>= 4.0.10) - framework: net10, net11, net20, net30, net35, net40, net40-full
      System.Threading.Timer (>= 4.0.1) - framework: net10, net11, net20, net30, net35, net40, net40-full
    System.Reactive.Interfaces (3.0)
      System.Linq.Expressions (>= 4.1) - framework: net10, net11, net20, net30, net35, net40, net40-full
      System.Resources.ResourceManager (>= 4.0.1) - framework: net10, net11, net20, net30, net35, net40, net40-full
      System.Runtime (>= 4.1) - framework: net10, net11, net20, net30, net35, net40, net40-full
    System.Reactive.Linq (3.0)
      System.Collections (>= 4.0.11) - framework: net10, net11, net20, net30, net35, net40, net40-full
      System.Collections.Concurrent (>= 4.0.12) - framework: net10, net11, net20, net30, net35, net40, net40-full
      System.ComponentModel (>= 4.0.1) - framework: net10, net11, net20, net30, net35, net40, net40-full
      System.Diagnostics.Debug (>= 4.0.11) - framework: net10, net11, net20, net30, net35, net40, net40-full
      System.Diagnostics.Tools (>= 4.0.1) - framework: net10, net11, net20, net30, net35, net40, net40-full
      System.Globalization (>= 4.0.11) - framework: net10, net11, net20, net30, net35, net40, net40-full
      System.Linq (>= 4.1) - framework: net10, net11, net20, net30, net35, net40, net40-full
      System.Reactive.Core (>= 3.0)
      System.Reactive.Interfaces (>= 3.0)
      System.Reflection (>= 4.1) - framework: net10, net11, net20, net30, net35, net40, net40-full
      System.Resources.ResourceManager (>= 4.0.1) - framework: net10, net11, net20, net30, net35, net40, net40-full
      System.Runtime (>= 4.1) - framework: net10, net11, net20, net30, net35, net40, net40-full
      System.Runtime.Extensions (>= 4.1) - framework: net10, net11, net20, net30, net35, net40, net40-full
      System.Runtime.InteropServices.WindowsRuntime (>= 4.0.1) - framework: net10, net11, net20, net30, net35, net40, net40-full
      System.Threading (>= 4.0.11) - framework: net10, net11, net20, net30, net35, net40, net40-full
      System.Threading.Tasks (>= 4.0.11) - framework: net10, net11, net20, net30, net35, net40, net40-full
    System.Reflection (4.1) - framework: net10, net11, net20, net30, net35, net40, net40-full
    System.Reflection.Emit (4.0.1) - framework: net10, net11, net20, net30, net35, net40, net40-full
      System.IO (>= 4.1) - framework: net10, net11, net20, net30, net35, net40, net40-full
      System.Reflection (>= 4.1) - framework: net10, net11, net20, net30, net35, net40, net40-full
      System.Reflection.Primitives (>= 4.0.1) - framework: net10, net11, net20, net30, net35, net40, net40-full
      System.Runtime (>= 4.1) - framework: net10, net11, net20, net30, net35, net40, net40-full
    System.Reflection.Emit.ILGeneration (4.0.1) - framework: net10, net11, net20, net30, net35, net40, net40-full
      System.Reflection (>= 4.1) - framework: net10, net11, net20, net30, net35, net40, net40-full
      System.Reflection.Primitives (>= 4.0.1) - framework: net10, net11, net20, net30, net35, net40, net40-full
      System.Runtime (>= 4.1) - framework: net10, net11, net20, net30, net35, net40, net40-full
    System.Reflection.Primitives (4.0.1) - framework: net10, net11, net20, net30, net35, net40, net40-full
    System.Resources.ResourceManager (4.0.1) - framework: net10, net11, net20, net30, net35, net40, net40-full
    System.Runtime (4.1) - framework: net10, net11, net20, net30, net35, net40, net40-full
    System.Runtime.Extensions (4.1) - framework: net10, net11, net20, net30, net35, net40, net40-full
    System.Runtime.Handles (4.0.1) - framework: net10, net11, net20, net30, net35, net40, net40-full
      Microsoft.NETCore.Platforms (>= 1.0.1) - framework: net10, net11, net20, net30, net35, net40, net40-full, net45, net451, net452, net453
      Microsoft.NETCore.Targets (>= 1.0.1) - framework: net10, net11, net20, net30, net35, net40, net40-full, net45, net451, net452, net453
      System.Runtime (>= 4.1) - framework: net10, net11, net20, net30, net35, net40, net40-full, net45, net451, net452, net453
    System.Runtime.InteropServices.WindowsRuntime (4.0.1) - framework: net10, net11, net20, net30, net35, net40, net40-full
    System.Threading (4.0.11) - framework: net10, net11, net20, net30, net35, net40, net40-full
    System.Threading.Tasks (4.0.11) - framework: net10, net11, net20, net30, net35, net40, net40-full
    System.Threading.Thread (4.0) - framework: net10, net11, net20, net30, net35, net40, net40-full
      System.Runtime (>= 4.1) - framework: net10, net11, net20, net30, net35, net40, net40-full, net45, net451, net452, net453
    System.Threading.ThreadPool (4.0.10) - framework: net10, net11, net20, net30, net35, net40, net40-full
      System.Runtime (>= 4.1) - framework: net10, net11, net20, net30, net35, net40, net40-full, net45, net451, net452, net453
      System.Runtime.Handles (>= 4.0.1) - framework: net10, net11, net20, net30, net35, net40, net40-full, net45, net451, net452, net453
    System.Threading.Timer (4.0.1) - framework: net10, net11, net20, net30, net35, net40, net40-full

GROUP Build
CONTENT: NONE
NUGET
  remote: http://api.nuget.org/v3/index.json
  specs:
    Chessie (0.5.1) - content: none
      FSharp.Core
    FAKE (4.28) - content: none
    FSharp.Core (4.0.0.1) - content: none
    Mono.Cecil (0.9.5.4) - content: none
    Newtonsoft.Json (8.0.3) - content: none
    Paket.Core (3.1.3) - content: none
      Chessie
      FSharp.Core
      Mono.Cecil
      Newtonsoft.Json
    SourceLink.Fake (1.1) - content: none
GITHUB
  remote: vrvis/Aardvark.Fake
  specs:
    FULLPROJECT (c87283d45d9e55a53d66de85dad1455f4fa71c41)
      Chessie (>= 0.5 < 0.6)
      FAKE (< 5.0)
      Mono.Cecil (<= 0.9.5.4)
      Paket.Core (< 4.0)
      SourceLink.Fake