RESTRICTION: == net45
NUGET
  remote: https://vrvis.myget.org/F/aardvark_public/api/v3/index.json
    Aardvark.Application (3.2.4)
      Aardvark.Base.Incremental (>= 3.0.20 < 3.1)
      Aardvark.Base.Rendering (>= 3.2.4)
      FShade.Core (>= 3.2.1 < 3.3)
    Aardvark.Application.WinForms (3.2.4)
      Aardvark.Application (>= 3.2.4)
      Aardvark.Base.Incremental (>= 3.0.20 < 3.1)
      Aardvark.Base.Rendering (>= 3.2.4)
      FShade.Core (>= 3.2.1 < 3.3)
    Aardvark.Application.WinForms.GL (3.2.4)
      Aardvark.Application (>= 3.2.4)
      Aardvark.Application.WinForms (>= 3.2.4)
      Aardvark.Base.Incremental (>= 3.0.20 < 3.1)
      Aardvark.Base.Rendering (>= 3.2.4)
      Aardvark.Base.Runtime (>= 3.0.20 < 3.1)
      Aardvark.Rendering.GL (>= 3.2.4)
      FShade.Core (>= 3.2.1 < 3.3)
    Aardvark.Base (3.0.26)
      DevILSharp (>= 0.0.11 < 0.1)
    Aardvark.Base.Essentials (3.0.26)
      Aardvark.Base (>= 3.0.26)
      System.Collections.Immutable (>= 1.2)
      System.Reactive.Linq (>= 3.0 < 3.1)
    Aardvark.Base.FSharp (3.0.26)
      Aardvark.Base (>= 3.0.26)
      DevILSharp (>= 0.0.11 < 0.1)
    Aardvark.Base.Incremental (3.0.26)
      Aardvark.Base (>= 3.0.26)
      Aardvark.Base.Essentials (>= 3.0.26)
      Aardvark.Base.FSharp (>= 3.0.26)
      System.Reactive.Core (>= 3.0 < 3.1)
      System.Reactive.Interfaces (>= 3.0 < 3.1)
      System.Reactive.Linq (>= 3.0 < 3.1)
    Aardvark.Base.Rendering (3.2.4)
      Aardvark.Base.Incremental (>= 3.0.20 < 3.1)
      FShade.Core (>= 3.2.1 < 3.3)
    Aardvark.Base.Runtime (3.0.26)
      Aardvark.Base (>= 3.0.26)
      Aardvark.Base.Essentials (>= 3.0.26)
      Aardvark.Base.FSharp (>= 3.0.26)
      Aardvark.Base.Incremental (>= 3.0.26)
      System.Reactive.Core (>= 3.0 < 3.1)
      System.Reactive.Interfaces (>= 3.0 < 3.1)
      System.Reactive.Linq (>= 3.0 < 3.1)
    Aardvark.Cef (3.3.11)
      Aardvark.Application (>= 3.2.1)
      Aardvark.Base (>= 3.0.20 < 3.1)
      Aardvark.Base.FSharp (>= 3.0.20 < 3.1)
      Aardvark.Base.Incremental (>= 3.0.20 < 3.1)
      Aardvark.Base.Rendering (>= 3.2.1 < 3.3)
      Aardvark.SceneGraph (>= 3.2.1 < 3.3)
      Another.Unofficial.Xilium.CefGlue (>= 0.0.12 < 0.1)
      Another.Unofficial.Xilium.CefGlue.UnpackNativeDependencies (>= 0.0.12 < 0.1)
      FsPickler (>= 3.2 < 3.3)
      FsPickler.Json (>= 3.2 < 3.3)
    Aardvark.Cef.WinForms (3.3.11)
      Aardvark.Application.WinForms.GL (>= 3.2.1 < 3.3)
      Aardvark.Base (>= 3.0.20 < 3.1)
      Aardvark.Base.FSharp (>= 3.0.20 < 3.1)
      Aardvark.Base.Incremental (>= 3.0.20 < 3.1)
      Aardvark.Base.Rendering (>= 3.2.1 < 3.3)
      Aardvark.Cef (>= 3.3.11)
      Aardvark.SceneGraph (>= 3.2.1 < 3.3)
      Another.Unofficial.Xilium.CefGlue (>= 0.0.12 < 0.1)
      Another.Unofficial.Xilium.CefGlue.UnpackNativeDependencies (>= 0.0.12 < 0.1)
      Another.Unofficial.Xilium.CefGlue.WindowsForms (>= 0.0.12 < 0.1)
      FsPickler (>= 3.2 < 3.3)
      FsPickler.Json (>= 3.2 < 3.3)
    Aardvark.Compiler.DomainTypes (0.2.5)
      Aardvark.Base.Incremental (>= 3.0.15 < 3.1)
    Aardvark.Compiler.DomainTypes.MSBuild (0.2.5)
      Aardvark.Compiler.DomainTypes (0.2.5)
    Aardvark.Rendering.GL (3.2.4)
      Aardvark.Base.Incremental (>= 3.0.20 < 3.1)
      Aardvark.Base.Rendering (>= 3.2.4)
      Aardvark.Base.Runtime (>= 3.0.20 < 3.1)
      FShade (>= 3.2.1 < 3.3)
      FSharp.Quotations.Evaluator (>= 1.0.6 < 1.1)
    Aardvark.SceneGraph (3.2.4)
      Aardvark.Base.Incremental (>= 3.0.20 < 3.1)
      Aardvark.Base.Rendering (>= 3.2.4)
      FShade.Core (>= 3.2.1 < 3.3)
    Aardvark.Service (3.3.11)
      Aardvark.Application (>= 3.2.1)
      Aardvark.Base (>= 3.0.20 < 3.1)
      Aardvark.Base.FSharp (>= 3.0.20 < 3.1)
      Aardvark.Base.Incremental (>= 3.0.20 < 3.1)
      Aardvark.Base.Rendering (>= 3.2.1 < 3.3)
      Aardvark.Rendering.GL (>= 3.2.1)
      FsPickler (>= 3.2 < 3.3)
      FsPickler.Json (>= 3.2 < 3.3)
      Suave (>= 2.0.2 < 2.1)
    Aardvark.UI (3.3.11)
      Aardvark.Application (>= 3.2.1)
      Aardvark.Base (>= 3.0.20 < 3.1)
      Aardvark.Base.FSharp (>= 3.0.20 < 3.1)
      Aardvark.Base.Incremental (>= 3.0.20 < 3.1)
      Aardvark.Base.Rendering (>= 3.2.1 < 3.3)
      Aardvark.Compiler.DomainTypes (>= 0.2.4 < 0.3)
      Aardvark.Rendering.GL (>= 3.2.1)
      Aardvark.SceneGraph (>= 3.2.1 < 3.3)
      Aardvark.Service (>= 3.3.11)
      FsPickler (>= 3.2 < 3.3)
      FsPickler.Json (>= 3.2 < 3.3)
      Suave (>= 2.0.2 < 2.1)
    Aardvark.UI.Primitives (3.3.11)
      Aardvark.Application (>= 3.2.1)
      Aardvark.Base (>= 3.0.20 < 3.1)
      Aardvark.Base.FSharp (>= 3.0.20 < 3.1)
      Aardvark.Base.Incremental (>= 3.0.20 < 3.1)
      Aardvark.Base.Rendering (>= 3.2.1 < 3.3)
      Aardvark.Compiler.DomainTypes.MSBuild (>= 0.2.4 < 0.3)
      Aardvark.SceneGraph (>= 3.2.1 < 3.3)
      Aardvark.Service (>= 3.3.11)
      Aardvark.UI (>= 3.3.11)
    FShade (3.2.2)
      FShade.Core (3.2.2)
      FShade.GLSL (3.2.2)
      FShade.Imperative (3.2.2)
      FShade.SpirV (3.2.2)
    FShade.Core (3.2.2)
      Aardvark.Base (>= 3.0.16 < 3.1)
      Aardvark.Base.FSharp (>= 3.0.16 < 3.1)
      FShade.Imperative (>= 3.2.2)
    FShade.GLSL (3.2.2)
      Aardvark.Base (>= 3.0.16 < 3.1)
      Aardvark.Base.FSharp (>= 3.0.16 < 3.1)
      FShade.Core (>= 3.2.2)
      FShade.Imperative (>= 3.2.2)
    FShade.Imperative (3.2.2)
      Aardvark.Base (>= 3.0.16 < 3.1)
      Aardvark.Base.FSharp (>= 3.0.16 < 3.1)
    FShade.SpirV (3.2.2)
      Aardvark.Base (>= 3.0.16 < 3.1)
      Aardvark.Base.FSharp (>= 3.0.16 < 3.1)
      FShade.Core (>= 3.2.2)
      FShade.Imperative (>= 3.2.2)
  remote: https://api.nuget.org/v3/index.json
    Another.Unofficial.Xilium.CefGlue (0.0.12)
    Another.Unofficial.Xilium.CefGlue.UnpackNativeDependencies (0.0.12)
      SharpZipLib (>= 0.86 < 0.87)
    Another.Unofficial.Xilium.CefGlue.WindowsForms (0.0.12)
      Another.Unofficial.Xilium.CefGlue (0.0.12)
    DevILSharp (0.0.13)
    FSharp.Core (4.2.1)
    FSharp.Quotations.Evaluator (1.0.7)
    FsPickler (3.2)
    FsPickler.Json (3.2)
      FsPickler (3.2)
      Newtonsoft.Json (>= 6.0.5)
    Newtonsoft.Json (10.0.3)
    SharpZipLib (0.86)
    Suave (2.0.5)
      FSharp.Core (>= 4.0.0.1)
    System.Collections.Immutable (1.3.1)
    System.Reactive.Core (3.0)
      System.Reactive.Interfaces (>= 3.0)
    System.Reactive.Interfaces (3.0)
    System.Reactive.Linq (3.0)
      System.Reactive.Core (>= 3.0)
      System.Reactive.Interfaces (>= 3.0)

GROUP Build
CONTENT: NONE
RESTRICTION: >= net45
NUGET
  remote: https://api.nuget.org/v3/index.json
    Chessie (0.6) - content: none
      FSharp.Core
    FAKE (4.62.1) - content: none
    FSharp.Compiler.Tools (4.1.23) - content: none
    FSharp.Core (4.2.1) - content: none
    Mono.Cecil (0.10.0-beta6) - content: none
    Newtonsoft.Json (10.0.3) - content: none
    Paket.Core (5.5.3) - content: none
      Chessie (>= 0.6)
      FSharp.Compiler.Tools
      FSharp.Core
      Mono.Cecil (>= 0.10.0-beta6)
      Newtonsoft.Json
    SourceLink.Fake (1.1) - content: none
GITHUB
  remote: vrvis/Aardvark.Fake
    FULLPROJECT (8c98f8570ca158ddfbe32d1132a5e020a5fdd447)
      Chessie (>= 0.6)
      FAKE (>= 4.62.1 < 4.63)
      Mono.Cecil
      Paket.Core (>= 5.5.3 < 5.6)
      SourceLink.Fake (>= 1.1 < 1.2)